PATH
  remote: ../../support
  specs:
    nokul-support (0.1.0)
      activesupport (~> 6.0.0.rc1)

PATH
  remote: .
  specs:
    nokul-tenant (0.1.0)
      nokul-support

GEM
  remote: https://rubygems.org/
  specs:
    activesupport (6.0.0.rc1)
      concurrent-ruby (~> 1.0, >= 1.0.2)
      i18n (>= 0.7, < 2)
      minitest (~> 5.1)
      tzinfo (~> 1.1)
      zeitwerk (~> 2.1, >= 2.1.4)
    concurrent-ruby (1.1.5)
    i18n (1.6.0)
      concurrent-ruby (~> 1.0)
    minitest (5.11.3)
    minitest-focus (1.1.2)
      minitest (>= 4, < 6)
    thread_safe (0.3.6)
    tzinfo (1.2.5)
      thread_safe (~> 0.1)
    zeitwerk (2.1.6)

PLATFORMS
  ruby

DEPENDENCIES
  minitest-focus
  nokul-support!
  nokul-tenant!

RUBY VERSION
   ruby 2.6.2p47

BUNDLED WITH
   2.0.1
